GEM
  remote: https://rubygems.org/
  specs:
    bitset (1.2.0)

PLATFORMS
  ruby

DEPENDENCIES
  bitset (= 1.2.0)

BUNDLED WITH
   2.1.4
